GEM
  remote: https://rubygems.org/
  specs:
    binger (1.0.0)
    googler (0.0.1)
    rack (1.5.2)
    rack-protection (1.5.0)
      rack
    sinatra (1.4.1)
      rack (~> 1.5, >= 1.5.2)
      rack-protection (~> 1.4)
      tilt (~> 1.3, >= 1.3.4)
    tilt (1.3.5)

PLATFORMS
  x86-mingw32

DEPENDENCIES
  binger
  googler
  sinatra
